GIT
  remote: git@github.com:evenwestvang/geokit-gem.git
  revision: 0d70f0e74d6d7db0644274426f6c83c1d6874400
  specs:
    geokit (1.5.0)

GEM
  remote: http://rubygems.org/
  remote: http://gemcutter.org/
  specs:
    activemodel (3.0.5)
      activesupport (= 3.0.5)
      builder (~> 2.1.2)
      i18n (~> 0.4)
    activesupport (3.0.5)
    amatch (0.2.5)
    bson (1.2.4)
    bson_ext (1.2.4)
    builder (2.1.2)
    daemons (1.1.0)
    dalli (1.0.2)
    eventmachine (0.12.10)
    haml (3.0.25)
    i18n (0.5.0)
    memcache-client (1.8.5)
    mongo (1.2.4)
      bson (>= 1.2.4)
    mongoid (2.0.0.rc.7)
      activemodel (~> 3.0)
      mongo (~> 1.2)
      tzinfo (~> 0.3.22)
      will_paginate (~> 3.0.pre)
    nokogiri (1.4.4)
    rack (1.2.1)
    rack-cache (1.0)
      rack (>= 0.4)
    sass (3.1.0.alpha.221)
    sinatra (1.2.0)
      rack (~> 1.1)
      tilt (>= 1.2.2, < 2.0)
    thin (1.2.8)
      daemons (>= 1.0.9)
      eventmachine (>= 0.12.6)
      rack (>= 1.0.0)
    tilt (1.2.2)
    tzinfo (0.3.24)
    unicode (0.4.0)
    will_paginate (3.0.pre2)
    yajl-ruby (0.8.1)

PLATFORMS
  ruby

DEPENDENCIES
  amatch
  bson_ext
  dalli
  geokit!
  haml
  i18n
  memcache-client
  mongoid (= 2.0.0.rc.7)
  nokogiri
  rack
  rack-cache
  sass
  sinatra
  thin
  unicode
  yajl-ruby
