GIT
  remote: git@github.com:evenwestvang/geokit-gem.git
  revision: 0d70f0e74d6d7db0644274426f6c83c1d6874400
  specs:
    geokit (1.5.0)

GEM
  remote: http://rubygems.org/
  specs:
    activemodel (3.0.1)
      activesupport (= 3.0.1)
      builder (~> 2.1.2)
      i18n (~> 0.4.1)
    activesupport (3.0.1)
    anemone (0.5.0)
      nokogiri (>= 1.3.0)
      robots (>= 0.7.2)
    bson (1.0.4)
    bson_ext (1.0.4)
    builder (2.1.2)
    haml (3.0.21)
    i18n (0.4.1)
    json (1.4.6)
    memcache-client (1.8.5)
    mongo (1.0.7)
      bson (>= 1.0.4)
    mongoid (2.0.0.beta.17)
      activemodel (~> 3.0.0)
      bson (= 1.0.4)
      mongo (= 1.0.7)
      tzinfo (~> 0.3.22)
      will_paginate (~> 3.0.pre)
    nokogiri (1.4.3.1)
    rack (1.2.1)
    rack-cache (0.5.3)
      rack (>= 0.4)
    robots (0.10.0)
    sass (3.1.0.alpha.18)
    sinatra (1.0)
      rack (>= 1.0)
    tzinfo (0.3.23)
    will_paginate (3.0.pre2)

PLATFORMS
  ruby

DEPENDENCIES
  anemone
  bson_ext (= 1.0.4)
  geokit!
  haml
  i18n
  json
  memcache-client
  mongoid (= 2.0.0.beta.17)
  nokogiri
  rack
  rack-cache
  sass
  sinatra
